GEM
  remote: https://rubygems.org/
  specs:
    addressable (2.5.2)
      public_suffix (>= 2.0.2, < 4.0)
    cookiejar (0.3.3)
    diff-lcs (1.3)
    em-http-request (1.1.5)
      addressable (>= 2.3.4)
      cookiejar (!= 0.3.1)
      em-socksify (>= 0.3)
      eventmachine (>= 1.0.3)
      http_parser.rb (>= 0.6.0)
    em-socksify (0.3.2)
      eventmachine (>= 1.0.0.beta.4)
    em-synchrony (1.0.6)
      eventmachine (>= 1.0.0.beta.1)
    eventmachine (1.2.0.1)
    eventmachine_httpserver (0.2.1)
    http_parser.rb (0.6.0)
    multi_json (1.13.1)
    public_suffix (3.0.2)
    puffing-billy (0.12.0)
      addressable (~> 2.4, >= 2.4.0)
      em-http-request (~> 1.1, >= 1.1.0)
      em-synchrony
      eventmachine (= 1.2.0.1)
      eventmachine_httpserver
      http_parser.rb (~> 0.6.0)
      multi_json
    rspec (3.7.0)
      rspec-core (~> 3.7.0)
      rspec-expectations (~> 3.7.0)
      rspec-mocks (~> 3.7.0)
    rspec-core (3.7.1)
      rspec-support (~> 3.7.0)
    rspec-expectations (3.7.0)
      diff-lcs (>= 1.2.0, < 2.0)
      rspec-support (~> 3.7.0)
    rspec-mocks (3.7.0)
      diff-lcs (>= 1.2.0, < 2.0)
      rspec-support (~> 3.7.0)
    rspec-support (3.7.1)

PLATFORMS
  ruby

DEPENDENCIES
  puffing-billy
  rspec

BUNDLED WITH
   1.16.1
